{
    "Modality": "MR",
    "MagneticFieldStrength": 3,
    "ImagingFrequency": 127.759272,
    "Manufacturer": "Philips",
    "ManufacturersModelName": "Ingenia",
    "InstitutionName": "CENTRAL INSTITUTE OF PSYCHIATRY",
    "InstitutionalDepartmentName": "RADIOLOGY",
    "InstitutionAddress": "RANCHI",
    "DeviceSerialNumber": "71357",
    "StationName": "HOST-0ALS4TLMH7",
    "BodyPartExamined": "BRAIN",
    "PatientPosition": "HFS",
    "ProcedureStepDescription": "FMRI_BIT",
    "SoftwareVersions": "5.7.1\\5.7.1.3",
    "MRAcquisitionType": "2D",
    "SeriesDescription": "FE_EPI",
    "ProtocolName": "FE_EPI",
    "ScanningSequence": "GR",
    "SequenceVariant": "SK",
    "ScanOptions": "FS",
    "PulseSequenceName": "FEEPI",
    "ImageType": [
        "ORIGINAL",
        "PRIMARY",
        "T2",
        "NONE"
    ],
    "SeriesNumber": 401,
    "AcquisitionTime": "16:41:21.800000",
    "AcquisitionNumber": 4,
    "PhilipsRescaleSlope": 0.858364,
    "PhilipsRescaleIntercept": 0,
    "PhilipsScaleSlope": 0.0265586,
    "UsePhilipsFloatNotDisplayScaling": 1,
    "SliceThickness": 4,
    "SpacingBetweenSlices": 4,
    "EchoTime": 0.035001,
    "RepetitionTime": 3,
    "MTState": false,
    "FlipAngle": 90,
    "CoilString": "MULTI COIL",
    "PercentPhaseFOV": 100,
    "PercentSampling": 101.316,
    "EchoTrainLength": 43,
    "PhaseEncodingSteps": 76,
    "FrequencyEncodingSteps": 76,
    "PhaseEncodingStepsOutOfPlane": 1,
    "AcquisitionMatrixPE": 76,
    "ReconMatrixPE": 128,
    "ParallelReductionFactorInPlane": 1.8,
    "ParallelAcquisitionTechnique": "SENSE",
    "WaterFatShift": 10.5579,
    "EstimatedEffectiveEchoSpacing": 0.000187033,
    "EstimatedTotalReadoutTime": 0.0237532,
        "PixelBandwidth": 2305.55,
    "PhaseEncodingAxis": "j",
    "ImageOrientationPatientDICOM": [
        0.992451,
        -0.0446041,
        0.114242,
        0.0464039,
        0.998836,
        -0.0131426
    ],
    "InPlanePhaseEncodingDirectionDICOM": "COL",
    "BidsGuess": [
        "func",
        "_acq-SKGRFEEPIp18_run-401_bold"
    ],
    "ConversionSoftware": "dcm2niix",
    "ConversionSoftwareVersion": "v1.0.20240202",
    "TaskName": "fe",
        "SliceTiming": [
        0.0,
        0.08333333333333333,
        0.16666666666666666,
        0.25,
        0.3333333333333333,
        0.41666666666666663,
        0.5,
        0.5833333333333333,
        0.6666666666666666,
        0.75,
        0.8333333333333333,
        0.9166666666666666,
        1.0,
        1.0833333333333333,
        1.1666666666666665,
        1.25,
        1.3333333333333333,
        1.4166666666666665,
        1.5,
        1.5833333333333333,
        1.6666666666666665,
        1.75,
        1.8333333333333333,
        1.9166666666666665,
        2.0,
        2.083333333333333,
        2.1666666666666665,
        2.25,
        2.333333333333333,
        2.4166666666666665,
        2.5,
        2.583333333333333,
        2.6666666666666665,
        2.75,
        2.833333333333333,
        2.9166666666666665
    ]
}