{
	"Modality": "MR",
	"MagneticFieldStrength": 3,
	"ImagingFrequency": 127.759149,
	"Manufacturer": "Philips",
	"ManufacturersModelName": "Ingenia",
	"InstitutionName": "CENTRAL INSTITUTE OF PSYCHIATRY",
	"InstitutionalDepartmentName": "RADIOLOGY",
	"InstitutionAddress": "RANCHI",
	"DeviceSerialNumber": "71357",
	"StationName": "HOST-0ALS4TLMH7",
	"BodyPartExamined": "BRAIN",
	"PatientPosition": "HFS",
	"ProcedureStepDescription": "FMRI_BIT",
	"SoftwareVersions": "5.3.1\\5.3.1.4",
	"MRAcquisitionType": "3D",
	"SeriesDescription": "T1w",
	"ProtocolName": "T1w",
	"ScanningSequence": "GR",
	"SequenceVariant": "MP",
	"ScanOptions": "OTHER",
	"PulseSequenceName": "T1TFE",
	"ImageType": ["ORIGINAL", "PRIMARY", "T1", "NONE"],
	"SeriesNumber": 201,
	"AcquisitionTime": "15:23:46.870000",
	"AcquisitionNumber": 2,
	"PhilipsRescaleSlope": 5.01538,
	"PhilipsRescaleIntercept": 0,
	"PhilipsScaleSlope": 0.00312429,
	"UsePhilipsFloatNotDisplayScaling": 1,
	"SliceThickness": 1,
	"SpacingBetweenSlices": 1,
	"EchoTime": 0.002955,
	"RepetitionTime": 0.0065388,
	"MTState": false,
	"SpoilingState": true,
	"SpoilingType": "COMBINED",
	"FlipAngle": 9,
	"CoilString": "MULTI COIL",
	"PercentPhaseFOV": 100,
	"PercentSampling": 100,
	"EchoTrainLength": 252,
	"PhaseEncodingSteps": 252,
	"FrequencyEncodingSteps": 252,
	"PhaseEncodingStepsOutOfPlane": 192,
	"AcquisitionMatrixPE": 252,
	"ReconMatrixPE": 256,
	"ParallelAcquisitionTechnique": "SENSE",
	"ParallelReductionFactorOutOfPlane": 2,
	"WaterFatShift": 1.60256,
	"EstimatedEffectiveEchoSpacing": 1.44107e-05,
	"EstimatedTotalReadoutTime": 0.00367472,
	"PixelBandwidth": 271.054,
	"PhaseEncodingAxis": "i",
	"ImageOrientationPatientDICOM": [
		-0.0275257,
		0.999613,
		0.00414647,
		-0.0689465,
		0.00223967,
		-0.997618	],
	"InPlanePhaseEncodingDirectionDICOM": "ROW",
	"BidsGuess": ["anat","_acq-MPGRT1TFE_run-201_T1w"],
	"ConversionSoftware": "dcm2niix",
	"ConversionSoftwareVersion": "v1.0.20240202"
}
