{
    "Modality": "MR",
    "MagneticFieldStrength": 3,
    "ImagingFrequency": 127.759003,
    "Manufacturer": "Philips",
    "ManufacturersModelName": "Ingenia",
    "InstitutionName": "CENTRAL INSTITUTE OF PSYCHIATRY",
    "InstitutionalDepartmentName": "RADIOLOGY",
    "InstitutionAddress": "RANCHI",
    "DeviceSerialNumber": "71357",
    "StationName": "HOST-0ALS4TLMH7",
    "BodyPartExamined": "BRAIN",
    "PatientPosition": "HFS",
    "ProcedureStepDescription": "FMRI_BIT",
    "SoftwareVersions": "5.3.1\\5.3.1.4",
    "MRAcquisitionType": "2D",
    "SeriesDescription": "FE_EPI",
    "ProtocolName": "FE_EPI",
    "ScanningSequence": "GR",
    "SequenceVariant": "SK",
    "ScanOptions": "FS",
    "PulseSequenceName": "FEEPI",
    "ImageType": [
        "ORIGINAL",
        "PRIMARY",
        "T2",
        "NONE"
    ],
    "SeriesNumber": 401,
    "AcquisitionTime": "15:26:5.770000",
    "AcquisitionNumber": 4,
    "PhilipsRescaleSlope": 0.77094,
    "PhilipsRescaleIntercept": 0,
    "PhilipsScaleSlope": 0.0328767,
    "UsePhilipsFloatNotDisplayScaling": 1,
    "SliceThickness": 4,
    "SpacingBetweenSlices": 4,
    "EchoTime": 0.035,
    "RepetitionTime": 3,
    "MTState": false,
    "FlipAngle": 90,
    "CoilString": "MULTI COIL",
    "PercentPhaseFOV": 100,
    "PercentSampling": 100,
    "EchoTrainLength": 35,
    "PhaseEncodingSteps": 62,
    "FrequencyEncodingSteps": 64,
    "PhaseEncodingStepsOutOfPlane": 1,
    "AcquisitionMatrixPE": 62,
    "ReconMatrixPE": 128,
    "ParallelReductionFactorInPlane": 1.8,
    "ParallelAcquisitionTechnique": "SENSE",
    "WaterFatShift": 8.63201,
    "EstimatedEffectiveEchoSpacing": 0.000152126,
    "EstimatedTotalReadoutTime": 0.01932,
    "PixelBandwidth": 2307.44,
    "PhaseEncodingAxis": "j",
    "ImageOrientationPatientDICOM": [
        0.995252,
        0.09406,
        -0.0250222,
        -0.0940895,
        0.995564,
        -2.36543e-10
    ],
    "InPlanePhaseEncodingDirectionDICOM": "COL",
    "BidsGuess": [
        "func",
        "_acq-SKGRFEEPIp18_run-401_bold"
    ],
    "ConversionSoftware": "dcm2niix",
    "ConversionSoftwareVersion": "v1.0.20240202",
    "TaskName": "fe",
    "SliceTiming": [
        0.0,
        0.08333333333333333,
        0.16666666666666666,
        0.25,
        0.3333333333333333,
        0.41666666666666663,
        0.5,
        0.5833333333333333,
        0.6666666666666666,
        0.75,
        0.8333333333333333,
        0.9166666666666666,
        1.0,
        1.0833333333333333,
        1.1666666666666665,
        1.25,
        1.3333333333333333,
        1.4166666666666665,
        1.5,
        1.5833333333333333,
        1.6666666666666665,
        1.75,
        1.8333333333333333,
        1.9166666666666665,
        2.0,
        2.083333333333333,
        2.1666666666666665,
        2.25,
        2.333333333333333,
        2.4166666666666665,
        2.5,
        2.583333333333333,
        2.6666666666666665,
        2.75,
        2.833333333333333,
        2.9166666666666665
    ]
}